GEM
  remote: https://rubygems.org/
  specs:
    kgio (2.11.0)
    raindrops (0.17.0)
    unicorn (5.2.0)
      kgio (~> 2.6)
      raindrops (~> 0.7)

PLATFORMS
  ruby

DEPENDENCIES
  unicorn

BUNDLED WITH
   1.12.5
